PATH
  remote: .
  specs:
    bitcoin-secp256k1 (0.5.2)
      ffi (>= 1.9.25)

GEM
  remote: https://rubygems.org/
  specs:
    ffi (1.11.1)
    minitest (5.11.3)
    rake (13.0.1)
    yard (0.9.20)

PLATFORMS
  ruby

DEPENDENCIES
  bitcoin-secp256k1!
  minitest (= 5.11.3)
  rake (~> 13.0)
  yard (= 0.9.20)

BUNDLED WITH
   1.17.2
